PATH
  remote: .
  specs:
    nyan-cat (0.0.4)
      paint (~> 0.8.6)

GEM
  remote: https://rubygems.org/
  specs:
    paint (0.8.6)
    rake (10.1.0)

PLATFORMS
  ruby

DEPENDENCIES
  nyan-cat!
  rake
