PATH
  remote: .
  specs:
    nyan-cat (0.0.3)
      paint (~> 0.8.6)

GEM
  remote: https://rubygems.org/
  specs:
    paint (0.8.6)

PLATFORMS
  ruby

DEPENDENCIES
  nyan-cat!
