GEM
  remote: https://rubygems.org/
  specs:
    paint (0.8.6)
    rake (10.0.3)

PLATFORMS
  ruby

DEPENDENCIES
  paint
  rake
